GEM
  remote: https://rubygems.org/
  specs:
    ffi (1.11.2)
    ffi-win32-extensions (1.0.3)
      ffi
    natto (1.1.2)
      ffi (>= 1.9.0)
    win32-service (2.1.4)
      ffi
      ffi-win32-extensions

PLATFORMS
  ruby

DEPENDENCIES
  natto
  win32-service

BUNDLED WITH
   1.17.2
